GEM
  remote: https://rubygems.org/
  specs:
    activesupport (4.2.1)
      i18n (~> 0.7)
      json (~> 1.7, >= 1.7.7)
      minitest (~> 5.1)
      thread_safe (~> 0.3, >= 0.3.4)
      tzinfo (~> 1.1)
    html_to_plain_text (1.0.2)
      nokogiri (>= 1.4.0)
    httpclient (2.6.0.1)
    i18n (0.7.0)
    json (1.8.2)
    mini_portile (0.6.2)
    minitest (5.5.1)
    nokogiri (1.6.5)
      mini_portile (~> 0.6.0)
    scraperwiki (3.0.2)
      httpclient
      sqlite_magic
    sqlite3 (1.3.10)
    sqlite_magic (0.0.3)
      sqlite3
    thread_safe (0.3.5)
    tzinfo (1.2.2)
      thread_safe (~> 0.1)

PLATFORMS
  ruby

DEPENDENCIES
  activesupport
  html_to_plain_text
  nokogiri
  scraperwiki

RUBY VERSION
   ruby 2.2.8p477

BUNDLED WITH
1.15.2
