GEM
  remote: https://rubygems.org/
  specs:
    activesupport (6.0.2.1)
      concurrent-ruby (~> 1.0, >= 1.0.2)
      i18n (>= 0.7, < 2)
      minitest (~> 5.1)
      tzinfo (~> 1.1)
      zeitwerk (~> 2.2)
    concurrent-ruby (1.1.6)
    html_to_plain_text (1.0.5)
      nokogiri (>= 1.4.0)
    httpclient (2.8.3)
    i18n (1.8.2)
      concurrent-ruby (~> 1.0)
    mini_portile2 (2.4.0)
    minitest (5.14.0)
    nokogiri (1.10.8)
      mini_portile2 (~> 2.4.0)
    scraperwiki (3.0.2)
      httpclient
      sqlite_magic
    sqlite3 (1.4.2)
    sqlite_magic (0.0.6)
      sqlite3
    thread_safe (0.3.6)
    tzinfo (1.2.6)
      thread_safe (~> 0.1)
    zeitwerk (2.2.2)

PLATFORMS
  ruby

DEPENDENCIES
  activesupport
  html_to_plain_text
  mini_portile2 (~> 2.4.0)
  nokogiri
  scraperwiki
  sqlite3

RUBY VERSION
   ruby 2.5.7p206

BUNDLED WITH
   1.17.3